GEM
  remote: https://rubygems.org/
  specs:
    coderay (1.1.1)
    method_source (0.8.2)
    pry (0.10.3)
      coderay (~> 1.1.0)
      method_source (~> 0.8.1)
      slop (~> 3.4)
    rack (1.6.4)
    slop (3.6.0)
    sqlite3 (1.3.11)
    thor (0.19.1)
    tilt (2.0.5)
    vundabar (0.1.0)
      pry
      rack (~> 1.0)
      sqlite3
      thor
      tilt

PLATFORMS
  ruby

DEPENDENCIES
  pry
  vundabar

BUNDLED WITH
   1.11.2
